PATH
  remote: .
  specs:
    qup (1.4.2)
      maildir (~> 2.1.0)

GEM
  remote: https://rubygems.org/
  specs:
    diff-lcs (1.2.5)
    json (1.8.2)
    kjess (1.2.0)
    maildir (2.1.0)
    rake (10.1.1)
    rdoc (4.2.0)
      json (~> 1.4)
    redis (3.2.1)
    rspec (2.14.1)
      rspec-core (~> 2.14.0)
      rspec-expectations (~> 2.14.0)
      rspec-mocks (~> 2.14.0)
    rspec-core (2.14.8)
    rspec-expectations (2.14.5)
      diff-lcs (>= 1.1.3, < 2.0)
    rspec-mocks (2.14.6)

PLATFORMS
  ruby

DEPENDENCIES
  kjess (~> 1.2)
  qup!
  rake (~> 10.1.0)
  rdoc (~> 4.0)
  redis (~> 3.0)
  rspec (~> 2.14.0)
